GEM
  remote: http://rubygems.org/
  specs:
    aws-sdk (1.3.8)
      httparty (~> 0.7)
      json (~> 1.4)
      nokogiri (<= 1.5.0)
      uuidtools (~> 2.1)
    httparty (0.14.0)
      multi_xml (>= 0.5.2)
    json (1.6.5)
    multi_xml (0.6.0)
    net-scp (1.0.4)
      net-ssh (>= 1.99.1)
    net-ssh (2.3.0)
    nokogiri (1.5.0)
    uuidtools (2.1.2)

PLATFORMS
  ruby

DEPENDENCIES
  aws-sdk (>= 1.3.2)
  net-scp (>= 1.0.4)
  net-ssh (>= 2.3.0)
